GEM
  remote: https://rubygems.org/
  specs:
    dino (0.12.0)
      serialport
      trollop
    eventmachine (1.0.3)
    faye-websocket (0.7.0)
      eventmachine (>= 0.12.0)
      websocket-driver (>= 0.3.0)
    serialport (1.1.0)
    trollop (2.0)
    websocket-driver (0.3.0)

PLATFORMS
  ruby

DEPENDENCIES
  dino
  faye-websocket
