GIT
  remote: git://github.com/austinbv/dino.git
  revision: 3b4422de2c457b7e17802e784eecf25d19a02e64
  branch: 0.12.0-wip
  specs:
    dino (0.12.0)
      serialport
      trollop

GIT
  remote: git://github.com/machadolab/pusher-ruby-client.git
  revision: f3751c5d8885ab7d5aad0158b6b7fcda328349f3
  specs:
    pusher-client (0.4.0)
      websocket (~> 1.0.0)

GEM
  remote: https://rubygems.org/
  specs:
    serialport (1.3.0)
    trollop (2.0)
    websocket (1.0.7)

PLATFORMS
  ruby

DEPENDENCIES
  dino!
  pusher-client!
